GEM
  remote: http://rubygems.org/
  specs:
    ast (2.4.1)
    builder (3.2.4)
    cane (2.6.2)
      parallel
    contracts (0.16.0)
    cucumber (1.3.20)
      builder (>= 2.1.2)
      diff-lcs (>= 1.1.3)
      gherkin (~> 2.12)
      multi_json (>= 1.7.5, < 2.0)
      multi_test (>= 0.1.2)
    diff-lcs (1.4.4)
    erubis (2.7.0)
    excellent (2.1.1)
      hashr (>= 0.0.10)
      ruby_parser (>= 3.0)
      sexp_processor (>= 4.0)
    flay (2.12.1)
      erubis (~> 2.7.0)
      path_expander (~> 1.0)
      ruby_parser (~> 3.0)
      sexp_processor (~> 4.0)
    flog (4.6.4)
      path_expander (~> 1.0)
      ruby_parser (~> 3.1, > 3.1.0)
      sexp_processor (~> 4.8)
    gherkin (2.12.2)
      multi_json (~> 1.3)
    hashr (2.0.1)
    log_switch (0.3.0)
    mini_portile2 (2.6.1)
    multi_json (1.15.0)
    multi_test (0.1.2)
    nokogiri (1.12.5)
      mini_portile2 (~> 2.6.1)
      racc (~> 1.4)
    parallel (1.20.1)
    parser (3.0.0.0)
      ast (~> 2.4.1)
    path_expander (1.1.0)
    racc (1.6.0)
    rainbow (2.2.2)
      rake
    rake (12.3.3)
    reek (1.4.0)
      rainbow (>= 1.99, < 3.0)
      ruby2ruby (>= 2.0.8, < 3.0)
      ruby_parser (>= 3.5.0, < 4.0)
      sexp_processor (~> 4.4)
    regexp_parser (2.0.3)
    rexml (3.2.5)
    roodi (4.1.1)
      ruby_parser (~> 3.2, >= 3.2.2)
    rspec (3.10.0)
      rspec-core (~> 3.10.0)
      rspec-expectations (~> 3.10.0)
      rspec-mocks (~> 3.10.0)
    rspec-core (3.10.1)
      rspec-support (~> 3.10.0)
    rspec-expectations (3.10.1)
      diff-lcs (>= 1.2.0, < 2.0)
      rspec-support (~> 3.10.0)
    rspec-mocks (3.10.1)
      diff-lcs (>= 1.2.0, < 2.0)
      rspec-support (~> 3.10.0)
    rspec-support (3.10.1)
    rubocop (0.93.1)
      parallel (~> 1.10)
      parser (>= 2.7.1.5)
      rainbow (>= 2.2.2, < 4.0)
      regexp_parser (>= 1.8)
      rexml
      rubocop-ast (>= 0.6.0)
      ruby-progressbar (~> 1.7)
      unicode-display_width (>= 1.4.0, < 2.0)
    rubocop-ast (1.4.0)
      parser (>= 2.7.1.5)
    ruby-progressbar (1.11.0)
    ruby2ruby (2.4.4)
      ruby_parser (~> 3.1)
      sexp_processor (~> 4.6)
    ruby_parser (3.15.0)
      sexp_processor (~> 4.9)
    sexp_processor (4.15.1)
    sync (0.5.0)
    tailor (1.4.1)
      log_switch (~> 0.3.0)
      nokogiri (>= 1.6.0)
      term-ansicolor (>= 1.0.5)
      text-table (>= 1.2.2)
    term-ansicolor (1.7.1)
      tins (~> 1.0)
    text-table (1.2.4)
    tins (1.26.0)
      sync
    unicode-display_width (1.7.0)

PLATFORMS
  ruby

DEPENDENCIES
  cane (~> 2.6)
  contracts (~> 0.4)
  cucumber (~> 1.3)
  excellent (~> 2.1)
  flay (~> 2.5)
  flog (~> 4.3)
  rake (~> 12.3.3)
  reek (~> 1.3)
  roodi (~> 4.0)
  rspec (~> 3.0)
  rubocop (~> 0.49)
  tailor (~> 1.4.1)

RUBY VERSION
   ruby 3.0.3p157

BUNDLED WITH
   2.2.32
