GEM
  remote: http://rubygems.org/
  specs:
    diff-lcs (1.5.0)
    parallel (1.22.1)
    rake (12.3.3)
    rspec (3.11.0)
      rspec-core (~> 3.11.0)
      rspec-expectations (~> 3.11.0)
      rspec-mocks (~> 3.11.0)
    rspec-core (3.11.0)
      rspec-support (~> 3.11.0)
    rspec-expectations (3.11.0)
      diff-lcs (>= 1.2.0, < 2.0)
      rspec-support (~> 3.11.0)
    rspec-mocks (3.11.1)
      diff-lcs (>= 1.2.0, < 2.0)
      rspec-support (~> 3.11.0)
    rspec-support (3.11.0)

PLATFORMS
  arm64-darwin-21

DEPENDENCIES
  parallel (~> 1.2)
  rake (~> 12.3.3)
  rspec (~> 3.0)

RUBY VERSION
   ruby 3.0.3p157

BUNDLED WITH
   2.2.32
